PATH
  remote: .
  specs:
    pump (0.1.1.beta)

GEM
  remote: http://rubygems.org/
  specs:

PLATFORMS
  ruby

DEPENDENCIES
  pump!
