PATH
  remote: .
  specs:
    pump (0.2.1.beta)
      activesupport
      masquito
      puma

GEM
  remote: http://rubygems.org/
  specs:
    activesupport (3.2.12)
      i18n (~> 0.6)
      multi_json (~> 1.0)
    i18n (0.6.1)
    lunchy (0.6.0)
    masquito (1.0)
      lunchy
    multi_json (1.6.1)
    puma (1.6.3)
      rack (~> 1.2)
    rack (1.5.2)

PLATFORMS
  ruby

DEPENDENCIES
  pump!
