PATH
  remote: .
  specs:
    pump (0.0.1.alpha)

GEM
  remote: http://rubygems.org/
  specs:

PLATFORMS
  ruby

DEPENDENCIES
  pump!
